GEM
  remote: https://rubygems.org/
  specs:
    asciidoctor (1.5.2)
    rake (10.4.2)

PLATFORMS
  ruby

DEPENDENCIES
  asciidoctor
  rake

BUNDLED WITH
   1.10.6
